PATH
  remote: .
  specs:
    sidekiq-metrics (0.2.0)
      sidekiq (>= 5.0)

GEM
  remote: https://rubygems.org/
  specs:
    coderay (1.1.2)
    connection_pool (2.2.2)
    diff-lcs (1.3)
    method_source (0.9.2)
    pry (0.12.2)
      coderay (~> 1.1.0)
      method_source (~> 0.9.0)
    rack (2.0.8)
    rack-protection (2.0.7)
      rack
    rake (10.5.0)
    redis (4.1.3)
    rspec (3.9.0)
      rspec-core (~> 3.9.0)
      rspec-expectations (~> 3.9.0)
      rspec-mocks (~> 3.9.0)
    rspec-core (3.9.0)
      rspec-support (~> 3.9.0)
    rspec-expectations (3.9.0)
      diff-lcs (>= 1.2.0, < 2.0)
      rspec-support (~> 3.9.0)
    rspec-mocks (3.9.0)
      diff-lcs (>= 1.2.0, < 2.0)
      rspec-support (~> 3.9.0)
    rspec-support (3.9.0)
    sidekiq (6.0.3)
      connection_pool (>= 2.2.2)
      rack (>= 2.0.0)
      rack-protection (>= 2.0.0)
      redis (>= 4.1.0)

PLATFORMS
  ruby

DEPENDENCIES
  bundler (~> 2.0)
  pry
  rake (~> 10.0)
  rspec (~> 3.0)
  sidekiq-metrics!

BUNDLED WITH
   2.0.2
